GEM
  remote: https://rubygems.org/
  specs:
    json (1.8.3)
    mail (2.6.4)
      mime-types (>= 1.16, < 4)
    mime-types (3.1)
      mime-types-data (~> 3.2015)
    mime-types-data (3.2016.0521)
    pdf-core (0.6.1)
    pg (0.19.0)
    prawn (2.1.0)
      pdf-core (~> 0.6.1)
      ttfunk (~> 1.4.0)
    prawn-table (0.2.2)
      prawn (>= 1.3.0, < 3.0.0)
    ttfunk (1.4.0)

PLATFORMS
  ruby

DEPENDENCIES
  json (~> 1.8, >= 1.8.3)
  mail (~> 2.6, >= 2.6.4)
  pg (~> 0.19.0)
  prawn (~> 2.1)
  prawn-table (~> 0.2.2)

BUNDLED WITH
   1.12.5
